PATH
  remote: .
  specs:
    <%= nameSnake %> (1.0.0)
      bastion

GEM
  remote: https://rubygems.org/
  specs:
    actionpack (4.1.5)
      actionview (= 4.1.5)
      activesupport (= 4.1.5)
      rack (~> 1.5.2)
      rack-test (~> 0.6.2)
    actionview (4.1.5)
      activesupport (= 4.1.5)
      builder (~> 3.1)
      erubis (~> 2.7.0)
    activesupport (4.1.5)
      i18n (~> 0.6, >= 0.6.9)
      json (~> 1.7, >= 1.7.7)
      minitest (~> 5.1)
      thread_safe (~> 0.1)
      tzinfo (~> 1.1)
    angular-rails-templates (0.1.2)
      railties (>= 3.1)
      sprockets
      tilt
    ast (2.2.0)
    astrolabe (1.3.1)
      parser (~> 2.2)
    bastion (3.0.1)
      angular-rails-templates (= 0.1.2)
    builder (3.2.2)
    ci_reporter (2.0.0)
      builder (>= 2.1.2)
    concurrent-ruby (1.0.0)
    erubis (2.7.0)
    i18n (0.7.0)
    json (1.8.3)
    minitest (5.8.3)
    parser (2.3.0.1)
      ast (~> 2.2)
    powerpack (0.1.1)
    rack (1.5.5)
    rack-test (0.6.3)
      rack (>= 1.0)
    railties (4.1.5)
      actionpack (= 4.1.5)
      activesupport (= 4.1.5)
      rake (>= 0.8.7)
      thor (>= 0.18.1, < 2.0)
    rainbow (2.0.0)
    rake (10.5.0)
    rubocop (0.35.1)
      astrolabe (~> 1.3)
      parser (>= 2.2.3.0, < 3.0)
      powerpack (~> 0.1)
      rainbow (>= 1.99.1, < 3.0)
      ruby-progressbar (~> 1.7)
      tins (<= 1.6.0)
    rubocop-checkstyle_formatter (0.2.0)
      rubocop (>= 0.20.1)
    ruby-progressbar (1.7.5)
    sprockets (3.5.2)
      concurrent-ruby (~> 1.0)
      rack (> 1, < 3)
    thor (0.19.1)
    thread_safe (0.3.5)
    tilt (2.0.2)
    tins (1.6.0)
    tzinfo (1.2.2)
      thread_safe (~> 0.1)

PLATFORMS
  ruby

DEPENDENCIES
  ci_reporter
  rake
  rubocop (= 0.35.1)
  rubocop-checkstyle_formatter
  <%= nameSnake %>!

BUNDLED WITH
   1.11.2
